PATH
  remote: .
  specs:
    newrelic_ia (0.2.2)
      newrelic_rpm (>= 2.10.6)

GEM
  remote: http://rubygems.org/
  specs:
    git (1.2.5)
    jeweler (1.6.4)
      bundler (~> 1.0)
      git (>= 1.2.5)
      rake
    json (1.6.1)
    metaclass (0.0.1)
    mocha (0.10.0)
      metaclass (~> 0.0.1)
    newrelic_rpm (3.1.2)
    nokogiri (1.5.0)
    rake (0.9.2)
    rdiscount (1.6.8)
    rdoc (3.10)
      json (~> 1.4)
    rspec (1.3.2)
    sanitize (2.0.3)
      nokogiri (>= 1.4.4, < 1.6)
    sdoc (0.3.11)
      json (>= 1.1.3)
      rdoc (~> 3)
      sanitize (~> 2)
    sdoc-helpers (0.1.4)
      sdoc (~> 0.2)

PLATFORMS
  ruby

DEPENDENCIES
  jeweler
  mocha
  newrelic_ia!
  rake
  rdiscount
  rspec (~> 1.3.0)
  sdoc-helpers
